GEM
  remote: https://rubygems.org/
  specs:
    colorize (0.7.7)
    rake (10.5.0)

PLATFORMS
  ruby

DEPENDENCIES
  colorize
  rake

BUNDLED WITH
   1.10.6
